PATH
  remote: .
  specs:
    viz (0.1.1)
      sinatra (~> 0)

GEM
  remote: http://rubygems.org/
  specs:
    coveralls (0.7.0)
      multi_json (~> 1.3)
      rest-client
      simplecov (>= 0.7)
      term-ansicolor
      thor
    docile (1.1.2)
    metaclass (0.0.2)
    mime-types (2.1)
    mocha (0.14.0)
      metaclass (~> 0.0.1)
    multi_json (1.3.6)
    rack (1.5.2)
    rack-test (0.6.2)
      rack (>= 1.0)
    rake (0.9.6)
    rest-client (1.6.7)
      mime-types (>= 1.16)
    simplecov (0.8.2)
      docile (~> 1.1.0)
      multi_json
      simplecov-html (~> 0.8.0)
    simplecov-html (0.8.0)
    sinatra (0.9.6)
      rack (>= 0.9.1)
    term-ansicolor (1.2.2)
      tins (~> 0.8)
    thor (0.18.1)
    tins (0.13.1)

PLATFORMS
  ruby

DEPENDENCIES
  coveralls (~> 0)
  mocha (~> 0.14.0)
  rack-test (~> 0.6.1)
  rake (~> 0)
  simplecov (~> 0)
  viz!
