PATH
  remote: .
  specs:
    viz (0.1.1)
      multi_json (= 1.3.6)
      sinatra (~> 0)

GEM
  remote: http://rubygems.org/
  specs:
    multi_json (1.3.6)
    rack (1.5.2)
    rack-test (0.6.2)
      rack (>= 1.0)
    rake (0.9.6)
    sinatra (0.9.6)
      rack (>= 0.9.1)

PLATFORMS
  ruby

DEPENDENCIES
  rack-test (~> 0.6.1)
  rake (~> 0)
  viz!
