PATH
  remote: .
  specs:
    viz (0.1.1)
      multi_json (= 1.3.6)
      sinatra (~> 1.4.4)
      sinatra-contrib (~> 1.4.2)

GEM
  remote: http://rubygems.org/
  specs:
    backports (3.4.1)
    docile (1.1.2)
    minitest (5.2.2)
    multi_json (1.3.6)
    rack (1.5.2)
    rack-protection (1.5.2)
      rack
    rack-test (0.6.2)
      rack (>= 1.0)
    rake (10.1.1)
    simplecov (0.8.2)
      docile (~> 1.1.0)
      multi_json
      simplecov-html (~> 0.8.0)
    simplecov-html (0.8.0)
    sinatra (1.4.4)
      rack (~> 1.4)
      rack-protection (~> 1.4)
      tilt (~> 1.3, >= 1.3.4)
    sinatra-contrib (1.4.2)
      backports (>= 2.0)
      multi_json
      rack-protection
      rack-test
      sinatra (~> 1.4.0)
      tilt (~> 1.3)
    tilt (1.4.1)

PLATFORMS
  ruby

DEPENDENCIES
  minitest (~> 5.2.2)
  rack-test (~> 0.6.2)
  rake (~> 10.1.1)
  simplecov (~> 0.8.2)
  viz!
